GEM
  remote: https://rubygems.org/
  specs:
    diff-lcs (1.3)
    ffi (1.9.18-x64-mingw32)
    ffi-win32-extensions (1.0.3)
      ffi
    mini_portile2 (2.2.0)
    rspec (3.6.0)
      rspec-core (~> 3.6.0)
      rspec-expectations (~> 3.6.0)
      rspec-mocks (~> 3.6.0)
    rspec-core (3.6.0)
      rspec-support (~> 3.6.0)
    rspec-expectations (3.6.0)
      diff-lcs (>= 1.2.0, < 2.0)
      rspec-support (~> 3.6.0)
    rspec-mocks (3.6.0)
      diff-lcs (>= 1.2.0, < 2.0)
      rspec-support (~> 3.6.0)
    rspec-support (3.6.0)
    sequel (4.47.0)
    tiny_tds (1.3.0-x64-mingw32)
      mini_portile2 (~> 2.0)
    win32-service (0.8.10)
      ffi
      ffi-win32-extensions

PLATFORMS
  x64-mingw32

DEPENDENCIES
  rspec (~> 3.5)
  sequel
  tiny_tds
  win32-service

BUNDLED WITH
   1.15.1
