GEM
  remote: https://rubygems.org/
  specs:
    activesupport (5.1.1)
      concurrent-ruby (~> 1.0, >= 1.0.2)
      i18n (~> 0.7)
      minitest (~> 5.1)
      tzinfo (~> 1.1)
    concurrent-ruby (1.0.5)
    diff-lcs (1.3)
    ffi (1.9.18-x64-mingw32)
    ffi-win32-extensions (1.0.3)
      ffi
    i18n (0.8.4)
    iso8601 (0.9.1)
    mini_portile2 (2.2.0)
    minitest (5.10.2)
    rspec (3.6.0)
      rspec-core (~> 3.6.0)
      rspec-expectations (~> 3.6.0)
      rspec-mocks (~> 3.6.0)
    rspec-core (3.6.0)
      rspec-support (~> 3.6.0)
    rspec-expectations (3.6.0)
      diff-lcs (>= 1.2.0, < 2.0)
      rspec-support (~> 3.6.0)
    rspec-mocks (3.6.0)
      diff-lcs (>= 1.2.0, < 2.0)
      rspec-support (~> 3.6.0)
    rspec-support (3.6.0)
    ruby-duration (3.2.3)
      activesupport (>= 3.0.0)
      i18n
      iso8601
    sequel (4.47.0)
    thread_safe (0.3.6)
    tiny_tds (1.3.0-x64-mingw32)
      mini_portile2 (~> 2.0)
    tzinfo (1.2.3)
      thread_safe (~> 0.1)
    win32-service (0.8.10)
      ffi
      ffi-win32-extensions

PLATFORMS
  x64-mingw32

DEPENDENCIES
  rspec (~> 3.5)
  ruby-duration
  sequel
  tiny_tds
  win32-service

BUNDLED WITH
   1.15.1
